GIT
  remote: https://github.com/opscode/omnibus-ruby.git
  revision: 348e89e642c05e01d2aceaac468482cd8febfbbc
  specs:
    omnibus (0.5.3)
      fpm (= 0.3.11)
      mixlib-shellout (~> 1.0)
      ohai (>= 0.6.12)
      rake (>= 0.9)
      thor (= 0.17.0)
      uber-s3

GIT
  remote: https://github.com/opscode/omnibus-software.git
  revision: 786b64b7e390a8241192203ad5c5d2aa08abb955
  branch: master
  specs:
    omnibus-software (0.0.1)

GEM
  remote: https://rubygems.org/
  specs:
    fpm (0.3.11)
      json
    ipaddress (0.8.0)
    json (1.7.6)
    mime-types (1.20.1)
    mixlib-cli (1.3.0)
    mixlib-config (1.1.2)
    mixlib-log (1.4.1)
    mixlib-shellout (1.1.0)
    ohai (6.16.0)
      ipaddress
      mixlib-cli
      mixlib-config
      mixlib-log
      mixlib-shellout
      systemu
      yajl-ruby
    rake (10.0.3)
    systemu (2.5.2)
    thor (0.17.0)
    uber-s3 (0.2.4)
      mime-types (~> 1.17)
    yajl-ruby (1.1.0)

PLATFORMS
  ruby

DEPENDENCIES
  omnibus!
  omnibus-software!
